GEM
  remote: https://rubygems.org/
  specs:
    chunky_png (1.3.8)
    ffi (1.9.18)
    listen (3.1.5)
      rb-fsevent (~> 0.9, >= 0.9.4)
      rb-inotify (~> 0.9, >= 0.9.7)
      ruby_dep (~> 1.2)
    puma (3.8.2)
    rack (1.6.8)
    rack-protection (1.5.3)
      rack
    rb-fsevent (0.9.8)
    rb-inotify (0.9.8)
      ffi (>= 0.5.0)
    rerun (0.11.0)
      listen (~> 3.0)
    rqrcode (0.10.1)
      chunky_png (~> 1.0)
    ruby_dep (1.5.0)
    sinatra (1.4.8)
      rack (~> 1.5)
      rack-protection (~> 1.4)
      tilt (>= 1.3, < 3)
    tilt (2.0.7)

PLATFORMS
  ruby

DEPENDENCIES
  puma (~> 3.4)
  rerun
  rqrcode (~> 0.10.1)
  sinatra

RUBY VERSION
   ruby 2.3.4p301

BUNDLED WITH
   1.15.0
