GEM
  remote: https://rubygems.org/
  specs:
    ast (2.4.0)
    aws-sdk (2.11.1)
      aws-sdk-resources (= 2.11.1)
    aws-sdk-core (2.11.1)
      aws-sigv4 (~> 1.0)
      jmespath (~> 1.0)
    aws-sdk-resources (2.11.1)
      aws-sdk-core (= 2.11.1)
    aws-sigv4 (1.0.2)
    chunky_png (1.3.10)
    ffi (1.9.21)
    jmespath (1.3.1)
    listen (3.1.5)
      rb-fsevent (~> 0.9, >= 0.9.4)
      rb-inotify (~> 0.9, >= 0.9.7)
      ruby_dep (~> 1.2)
    mustermann (1.0.2)
    parallel (1.12.1)
    parser (2.5.0.0)
      ast (~> 2.4.0)
    powerpack (0.1.1)
    puma (3.11.2)
    rack (2.0.4)
    rack-protection (2.0.1)
      rack
    rainbow (3.0.0)
    rb-fsevent (0.10.2)
    rb-inotify (0.9.10)
      ffi (>= 0.5.0, < 2)
    rerun (0.13.0)
      listen (~> 3.0)
    rqrcode (0.10.1)
      chunky_png (~> 1.0)
    rubocop (0.52.1)
      parallel (~> 1.10)
      parser (>= 2.4.0.2, < 3.0)
      powerpack (~> 0.1)
      rainbow (>= 2.2.2, < 4.0)
      ruby-progressbar (~> 1.7)
      unicode-display_width (~> 1.0, >= 1.0.1)
    ruby-progressbar (1.9.0)
    ruby_dep (1.5.0)
    sinatra (2.0.1)
      mustermann (~> 1.0)
      rack (~> 2.0)
      rack-protection (= 2.0.1)
      tilt (~> 2.0)
    tilt (2.0.8)
    unicode-display_width (1.3.0)

PLATFORMS
  ruby

DEPENDENCIES
  aws-sdk (~> 2)
  puma (~> 3.4)
  rerun
  rqrcode (~> 0.10.1)
  rubocop
  sinatra

RUBY VERSION
   ruby 2.4.1p111

BUNDLED WITH
   1.16.0
